GIT
  remote: git://github.com/activewarehouse/mysql2.git
  revision: 67a5e63804648c4fb98a0046eb31c85509021fe6
  specs:
    mysql2 (0.3.11)

GEM
  remote: https://rubygems.org/
  specs:
    activemodel (3.2.6)
      activesupport (= 3.2.6)
      builder (~> 3.0.0)
    activerecord (3.2.6)
      activemodel (= 3.2.6)
      activesupport (= 3.2.6)
      arel (~> 3.0.2)
      tzinfo (~> 0.3.29)
    activesupport (3.2.6)
      i18n (~> 0.6)
      multi_json (~> 1.0)
    activewarehouse-etl (1.0.0)
      activerecord (>= 3.0.0)
      activesupport (>= 3.0.0)
      adapter_extensions (>= 0.9.5.rc1)
      fastercsv (>= 1.2.0)
      rake (>= 0.8.3)
    adapter_extensions (1.0.0)
      activerecord (>= 3.0.0)
      activesupport (>= 3.0.0)
      rake (>= 0.8.3)
    arel (3.0.2)
    awesome_print (1.0.2)
    builder (3.0.0)
    diff-lcs (1.1.3)
    fastercsv (1.5.5)
    i18n (0.6.0)
    multi_json (1.3.6)
    rake (0.9.2.2)
    rspec (2.8.0)
      rspec-core (~> 2.8.0)
      rspec-expectations (~> 2.8.0)
      rspec-mocks (~> 2.8.0)
    rspec-core (2.8.0)
    rspec-expectations (2.8.0)
      diff-lcs (~> 1.1.2)
    rspec-mocks (2.8.0)
    tzinfo (0.3.33)

PLATFORMS
  ruby

DEPENDENCIES
  activewarehouse-etl (= 1.0.0)
  adapter_extensions (= 1.0.0)
  awesome_print
  mysql2!
  rspec
